PATH
  remote: .
  specs:
    txbr (2.0.1)
      abroad (~> 4.5)
      faraday (~> 0.9)
      faraday_middleware (~> 0.10)
      liquid (~> 4.0)
      sinatra (~> 1.4)
      sinatra-contrib (~> 1.4)
      txgh (~> 6.6)

GEM
  remote: https://rubygems.org/
  specs:
    abroad (4.5.1)
      htmlentities (~> 4.0)
      json-stream (~> 0.0)
      json-write-stream (~> 1.2)
      nokogiri (~> 1.8)
      xml-write-stream (~> 1.0)
      yaml-write-stream (~> 2.0)
    addressable (2.5.2)
      public_suffix (>= 2.0.2, < 4.0)
    backports (3.11.4)
    byebug (10.0.2)
    celluloid (0.17.4)
      celluloid-essentials
      celluloid-extras
      celluloid-fsm
      celluloid-pool
      celluloid-supervision
      timers (>= 4.1.1)
    celluloid-essentials (0.20.5)
      timers (>= 4.1.1)
    celluloid-extras (0.20.5)
      timers (>= 4.1.1)
    celluloid-fsm (0.20.5)
      timers (>= 4.1.1)
    celluloid-pool (0.20.5)
      timers (>= 4.1.1)
    celluloid-supervision (0.20.6)
      timers (>= 4.1.1)
    coderay (1.1.2)
    diff-lcs (1.3)
    faraday (0.15.4)
      multipart-post (>= 1.2, < 3)
    faraday_middleware (0.12.2)
      faraday (>= 0.7.4, < 1.0)
    htmlentities (4.3.4)
    json (1.8.6)
    json-stream (0.2.1)
    json-write-stream (1.2.0)
      json_pure (~> 1.8.0)
    json_pure (1.8.6)
    liquid (4.0.1)
    method_source (0.9.2)
    mini_portile2 (2.4.0)
    multi_json (1.13.1)
    multipart-post (2.0.0)
    nokogiri (1.10.1)
      mini_portile2 (~> 2.4.0)
    octokit (4.13.0)
      sawyer (~> 0.8.0, >= 0.5.3)
    parseconfig (1.0.8)
    pry (0.12.2)
      coderay (~> 1.1.0)
      method_source (~> 0.9.0)
    pry-byebug (3.6.0)
      byebug (~> 10.0)
      pry (~> 0.10)
    public_suffix (3.0.3)
    puma (3.12.0)
    rack (1.6.11)
    rack-protection (1.5.5)
      rack
    rack-test (1.1.0)
      rack (>= 1.0, < 3)
    rake (12.3.2)
    rspec (3.8.0)
      rspec-core (~> 3.8.0)
      rspec-expectations (~> 3.8.0)
      rspec-mocks (~> 3.8.0)
    rspec-core (3.8.0)
      rspec-support (~> 3.8.0)
    rspec-expectations (3.8.2)
      diff-lcs (>= 1.2.0, < 2.0)
      rspec-support (~> 3.8.0)
    rspec-mocks (3.8.0)
      diff-lcs (>= 1.2.0, < 2.0)
      rspec-support (~> 3.8.0)
    rspec-support (3.8.0)
    sawyer (0.8.1)
      addressable (>= 2.3.5, < 2.6)
      faraday (~> 0.8, < 1.0)
    sinatra (1.4.8)
      rack (~> 1.5)
      rack-protection (~> 1.4)
      tilt (>= 1.3, < 3)
    sinatra-contrib (1.4.7)
      backports (>= 2.0)
      multi_json
      rack-protection
      rack-test
      sinatra (~> 1.4.0)
      tilt (>= 1.3, < 3)
    tilt (2.0.9)
    timers (4.2.0)
    txgh (6.6.0)
      abroad (~> 4.4)
      celluloid
      faraday (~> 0.9)
      faraday_middleware (~> 0.10)
      json (~> 1.8)
      octokit (~> 4.2)
      parseconfig (~> 1.0)
    xml-write-stream (1.1.0)
    yaml-write-stream (2.0.2)

PLATFORMS
  ruby
  x86_64-darwin-17

DEPENDENCIES
  pry-byebug
  puma (~> 3.11)
  rack-test (~> 1.0)
  rake
  rspec (~> 3.7)
  txbr!

BUNDLED WITH
   1.17.3
